PATH
  remote: .
  specs:
    wonkavision (1.0.5)
      activerecord (>= 3.2)
      activesupport (>= 3.2)
      chronic_duration (>= 0.10.2)
      i18n

GEM
  remote: http://rubygems.org/
  specs:
    activemodel (3.2.11)
      activesupport (= 3.2.11)
      builder (~> 3.0.0)
    activerecord (3.2.11)
      activemodel (= 3.2.11)
      activesupport (= 3.2.11)
      arel (~> 3.0.2)
      tzinfo (~> 0.3.29)
    activesupport (3.2.11)
      i18n (~> 0.6)
      multi_json (~> 1.0)
    arel (3.0.2)
    builder (3.0.4)
    chronic_duration (0.10.2)
      numerizer (~> 0.1.1)
    i18n (0.6.4)
    metaclass (0.0.1)
    mocha (0.10.5)
      metaclass (~> 0.0.1)
    multi_json (1.7.7)
    numerizer (0.1.1)
    rake (0.9.2.2)
    shoulda (2.11.3)
    sqlite3 (1.3.6)
    tzinfo (0.3.37)

PLATFORMS
  java
  ruby

DEPENDENCIES
  mocha
  rake
  shoulda (~> 2.11)
  sqlite3
  wonkavision!
