GIT
  remote: https://github.com/citrus/minitest_should.git
  revision: 6a91771ac4edad877f72317f1166ce90ba37bd40
  specs:
    minitest_should (0.3.2)

PATH
  remote: .
  specs:
    wonkavision (1.1.3)
      activerecord (>= 4.0.0)
      activesupport (>= 4.0.0)
      chronic_duration (>= 0.10.2)
      i18n

GEM
  remote: http://rubygems.org/
  specs:
    activemodel (4.1.6)
      activesupport (= 4.1.6)
      builder (~> 3.1)
    activerecord (4.1.6)
      activemodel (= 4.1.6)
      activesupport (= 4.1.6)
      arel (~> 5.0.0)
    activesupport (4.1.6)
      i18n (~> 0.6, >= 0.6.9)
      json (~> 1.7, >= 1.7.7)
      minitest (~> 5.1)
      thread_safe (~> 0.1)
      tzinfo (~> 1.1)
    arel (5.0.1.20140414130214)
    builder (3.2.2)
    chronic_duration (0.10.6)
      numerizer (~> 0.1.1)
    i18n (0.6.11)
    json (1.8.1)
    metaclass (0.0.4)
    minitest (5.4.1)
    mocha (1.1.0)
      metaclass (~> 0.0.1)
    numerizer (0.1.1)
    rake (10.3.2)
    shoulda-context (1.2.1)
    sqlite3 (1.3.9)
    thread_safe (0.3.4)
    tzinfo (1.2.2)
      thread_safe (~> 0.1)

PLATFORMS
  ruby

DEPENDENCIES
  minitest_should!
  mocha
  rake
  shoulda-context
  sqlite3
  wonkavision!
