PATH
  remote: .
  specs:
    wonkavision (1.1.2)
      activerecord (>= 3.2)
      activesupport (>= 3.2)
      chronic_duration (>= 0.10.2)
      i18n

GEM
  remote: http://rubygems.org/
  specs:
    activemodel (4.0.4)
      activesupport (= 4.0.4)
      builder (~> 3.1.0)
    activerecord (4.0.4)
      activemodel (= 4.0.4)
      activerecord-deprecated_finders (~> 1.0.2)
      activesupport (= 4.0.4)
      arel (~> 4.0.0)
    activerecord-deprecated_finders (1.0.3)
    activesupport (4.0.4)
      i18n (~> 0.6, >= 0.6.9)
      minitest (~> 4.2)
      multi_json (~> 1.3)
      thread_safe (~> 0.1)
      tzinfo (~> 0.3.37)
    arel (4.0.2)
    atomic (1.1.16)
    atomic (1.1.16-java)
    builder (3.1.4)
    chronic_duration (0.10.4)
      numerizer (~> 0.1.1)
    i18n (0.6.9)
    metaclass (0.0.4)
    minitest (4.7.5)
    mocha (1.0.0)
      metaclass (~> 0.0.1)
    multi_json (1.9.2)
    numerizer (0.1.1)
    rake (0.9.2.2)
    shoulda-context (1.1.6)
    sqlite3 (1.3.6)
    thread_safe (0.3.1)
      atomic (>= 1.1.7, < 2)
    thread_safe (0.3.1-java)
      atomic (>= 1.1.7, < 2)
    tzinfo (0.3.39)

PLATFORMS
  java
  ruby

DEPENDENCIES
  mocha
  rake
  shoulda-context
  sqlite3
  wonkavision!
